##TITLE=Parameter List, ParaVision 7.0.0
##JCAMPDX=4.24
##DATATYPE=Parameter Values
##ORIGIN=Bruker BioSpin MRI GmbH
##OWNER=amtraore
$$ 2024-07-26 13:34:08.821 +0200  amtraore@clt-spectro500-s
$$ /opt/PV-7.0.0/conf/instr/spect/specpar
$$ process /opt/PV-7.0.0/prog/mod/pvsysman
##$BF1=500.3
##$BF2=500.3
##$BF3=500.3
##$HPMOD=0 0 1 0 0 0 0 0
##$HPPRECH=-1 0 1 -1 -1 -1 -1 -1 -1 -1 -1 -1 -1 -1 -1 -1
##$NUC1=<10>
##$NUC2=<0>
##$NUC3=<0>
##$NUC4=<0>
##$NUC5=<0>
##$NUC6=<0>
##$NUC7=<0>
##$NUC8=<0>
##$NUCARR=500.343 500.343 76.805697 533.685727 381.15848 73.630906 194.452288 
70.307263 53.755141 160.529918 125.811347 36.144203 50.699316 67.828784 
470.792797 39.498557 132.35023 30.629172 130.37367 99.404079 202.542559 
38.406329 49.023152 40.806599 23.347871 12.81531 33.673229 121.542056 
28.207007 28.214527 49.885743 131.604959 28.281868 124.031117 16.199996 
118.716754 44.710906 132.668313 142.11589 31.305476 120.089095 152.588124 
17.45354 85.671801 95.42298 26.106507 125.355835 135.125222 19.251197 
48.307831 163.714501 21.683975 24.517798 46.513376 122.464803 32.606983 
33.291297 112.618834 23.041551 25.824548 15.943165 22.896196 20.252979 
23.283627 106.150169 111.041998 109.403775 109.638305 163.70597 178.283514 
186.581067 119.734967 64.840535 130.938472 157.857061 100.106056 139.146319 
41.247882 65.625698 49.70636 55.602757 66.016756 70.676656 153.205027 
27.268694 16.811525 20.864303 17.211799 124.38527 54.937661 15.36053 
20.163823 120.282457 17.211799 24.116533 106.773196 14.409878 41.478435 
87.556553 24.121536 57.059116 40.682889 20.048744 12.593633 59.989124 
20.846226 112.700259 113.836038 11.419483 38.853635 8.595893 9.361418 
107.557654 8.65093 89.615544 33.080593 285.811933 288.617046 104.674753 
80.401558 9.213316 100 100 100
##$OFFSF=0 0 0 0 0 0 0 0
##$OFFSH=2500.69999998459 0 0 0 0 0 0 0
##$OFFSX=2529.1999999979 0 0 0 0 0 0 0
##$PRECHAN=-1 -1 2 -1 -1 -1 -1 -1 -1 -1 -1 -1 -1 -1 -1 -1
##$RECPRE=-1 0 1 -1 -1 -1 -1 -1 -1 -1 -1 -1 -1 -1 -1 -1
##$RECSEL=0 1 2 0 0 0 0 0 0 0 0 0 0 0 0 0
##$SELREC=0 0 0 0 0 0 0 0 0 0
##$SFO1=125.811347
##$SFO2=500.343
##$SFO3=500.343
##$SFO4=500.343
##$SFO5=500.343
##$SFO6=500.343
##$SFO7=500.343
##$SFO8=500.343
##END=
